GEM
  specs:
    diff-lcs (1.3)
    open3 (0.1.0)
    rspec-core (3.9.1)
      rspec-support (~> 3.9.1)
    rspec-expectations (3.9.0)
      diff-lcs (>= 1.2.0, < 2.0)
      rspec-support (~> 3.9.0)
    rspec-support (3.9.2)

PLATFORMS
  ruby

DEPENDENCIES
  open3
  rspec-core
  rspec-expectations

RUBY VERSION
   ruby 2.6.4p104

BUNDLED WITH
   1.17.2
